GEM
  remote: http://gems.mobcastdev.com/
  remote: https://rubygems.org/
  specs:
    activemodel (4.0.0)
      activesupport (= 4.0.0)
      builder (~> 3.1.0)
    activerecord (4.0.0)
      activemodel (= 4.0.0)
      activerecord-deprecated_finders (~> 1.0.2)
      activesupport (= 4.0.0)
      arel (~> 4.0.0)
    activerecord-deprecated_finders (1.0.3)
    activesupport (4.0.0)
      i18n (~> 0.6, >= 0.6.4)
      minitest (~> 4.2)
      multi_json (~> 1.3)
      thread_safe (~> 0.1)
      tzinfo (~> 0.3.37)
    arel (4.0.0)
    atomic (1.1.13)
    builder (3.1.4)
    colorize (0.5.8)
    coveralls (0.6.7)
      colorize
      multi_json (~> 1.3)
      rest-client
      simplecov (>= 0.7)
      thor
    cucumber (1.3.6)
      builder (>= 2.1.2)
      diff-lcs (>= 1.1.3)
      gherkin (~> 2.12.0)
      multi_json (~> 1.7.5)
      multi_test (>= 0.0.2)
    cucumber-rest (0.0.5)
      activesupport (>= 3.2)
      cucumber (~> 1.3)
      http_capture (~> 0.0, >= 0.0.4)
      multi_json (~> 1.7)
      rack (~> 1.5)
      rspec (~> 2.13)
    diff-lcs (1.2.4)
    ffi (1.9.0)
    ffi (1.9.0-x86-mingw32)
    ffi-compiler (0.1.3)
      ffi (>= 1.0.0)
      rake
    gherkin (2.12.1)
      multi_json (~> 1.3)
    gherkin (2.12.1-x86-mingw32)
      multi_json (~> 1.3)
    http_capture (0.0.4)
    httparty (0.11.0)
      multi_json (~> 1.0)
      multi_xml (>= 0.5.2)
    i18n (0.6.5)
    java_properties (0.0.4)
    mime-types (1.24)
    minitest (4.7.5)
    multi_json (1.7.9)
    multi_test (0.0.2)
    multi_xml (0.5.5)
    mysql2 (0.3.13)
    rack (1.5.2)
    rack-blinkbox-zuul-tokens (0.0.1)
      rack
      sandal (~> 0.5, >= 0.5.1)
    rack-protection (1.5.0)
      rack
    rake (10.1.0)
    rest-client (1.6.7)
      mime-types (>= 1.16)
    rspec (2.14.1)
      rspec-core (~> 2.14.0)
      rspec-expectations (~> 2.14.0)
      rspec-mocks (~> 2.14.0)
    rspec-core (2.14.5)
    rspec-expectations (2.14.2)
      diff-lcs (>= 1.1.3, < 2.0)
    rspec-mocks (2.14.3)
    ruby-prof (0.13.0)
    sandal (0.5.1)
      multi_json (~> 1.7)
    scrypt (1.2.0)
      ffi-compiler (>= 0.0.2)
      rake
    simplecov (0.7.1)
      multi_json (~> 1.0)
      simplecov-html (~> 0.7.1)
    simplecov-html (0.7.1)
    sinatra (1.4.3)
      rack (~> 1.4)
      rack-protection (~> 1.4)
      tilt (~> 1.3, >= 1.3.4)
    sinatra-activerecord (1.2.3)
      activerecord (>= 3.0)
      sinatra (~> 1.0)
    sqlite3 (1.3.8)
    sqlite3 (1.3.8-x86-mingw32)
    thor (0.18.1)
    thread_safe (0.1.2)
      atomic
    tilt (1.4.1)
    tzinfo (0.3.37)
    yard (0.8.7)

PLATFORMS
  ruby
  x86-mingw32

DEPENDENCIES
  activerecord (~> 4.0)
  bundler
  coveralls
  cucumber
  cucumber-rest (>= 0.0.5)
  httparty
  java_properties (~> 0.0, >= 0.0.4)
  multi_json (~> 1.7)
  mysql2
  rack-blinkbox-zuul-tokens (~> 0.0)
  rake
  rspec
  ruby-prof
  sandal (~> 0.5, >= 0.5.1)
  scrypt (~> 1.2)
  simplecov
  sinatra (~> 1.2)
  sinatra-activerecord (~> 1.2)
  sqlite3
  yard
