GEM
  remote: http://gems.mobcastdev.com/
  remote: https://rubygems.org/
  specs:
    activemodel (4.0.2)
      activesupport (= 4.0.2)
      builder (~> 3.1.0)
    activerecord (4.0.2)
      activemodel (= 4.0.2)
      activerecord-deprecated_finders (~> 1.0.2)
      activesupport (= 4.0.2)
      arel (~> 4.0.0)
    activerecord-deprecated_finders (1.0.3)
    activesupport (4.0.2)
      i18n (~> 0.6, >= 0.6.4)
      minitest (~> 4.2)
      multi_json (~> 1.3)
      thread_safe (~> 0.1)
      tzinfo (~> 0.3.37)
    amq-protocol (1.9.2)
    arel (4.0.1)
    atomic (1.1.14)
    backports (3.4.0)
    builder (3.1.4)
    bunny (0.10.8)
      amq-protocol (>= 1.6.0)
    coveralls (0.7.0)
      multi_json (~> 1.3)
      rest-client
      simplecov (>= 0.7)
      term-ansicolor
      thor
    cucumber (1.3.10)
      builder (>= 2.1.2)
      diff-lcs (>= 1.1.3)
      gherkin (~> 2.12)
      multi_json (>= 1.7.5, < 2.0)
      multi_test (>= 0.0.2)
    cucumber-helpers (0.0.3)
      activesupport (~> 4.0)
    cucumber-rest (0.0.9)
      activesupport (>= 3.2)
      cucumber (~> 1.3)
      http_capture (~> 0.0, >= 0.0.4)
      multi_json (~> 1.7)
      rack (~> 1.5)
      rspec (~> 2.13)
    daemons (1.1.9)
    diff-lcs (1.2.5)
    docile (1.1.2)
    eventmachine (1.0.3)
    ffi (1.9.3)
    ffi-compiler (0.1.3)
      ffi (>= 1.0.0)
      rake
    geoip (1.3.5)
    gherkin (2.12.2)
      multi_json (~> 1.3)
    http_capture (0.1.0)
    httparty (0.12.0)
      json (~> 1.8)
      multi_xml (>= 0.5.2)
    i18n (0.6.9)
    ipaddress (0.8.0)
    java_properties (0.0.4)
    json (1.8.1)
    mime-types (2.1)
    mini_portile (0.5.2)
    minitest (4.7.5)
    multi_json (1.8.4)
    multi_test (0.0.3)
    multi_xml (0.5.5)
    mysql2 (0.3.15)
    nokogiri (1.6.1)
      mini_portile (~> 0.5.0)
    rack (1.5.2)
    rack-blinkbox-zuul-tokens (0.0.2)
      rack
      sandal (~> 0.5, >= 0.5.1)
    rack-jsonlogger (0.1.1)
      multi_json (~> 1.8)
      rack (~> 1.5)
    rack-protection (1.5.2)
      rack
    rack-test (0.6.2)
      rack (>= 1.0)
    rack-timekeeper (0.2.2)
      multi_json (~> 1.8)
      rack (~> 1.5)
      rack-jsonlogger (~> 0.1)
    rake (10.1.1)
    rest-client (1.6.7)
      mime-types (>= 1.16)
    rspec (2.14.1)
      rspec-core (~> 2.14.0)
      rspec-expectations (~> 2.14.0)
      rspec-mocks (~> 2.14.0)
    rspec-core (2.14.7)
    rspec-expectations (2.14.4)
      diff-lcs (>= 1.1.3, < 2.0)
    rspec-mocks (2.14.4)
    ruby-prof (0.14.2)
    sandal (0.5.1)
      multi_json (~> 1.7)
    scrypt (1.2.0)
      ffi-compiler (>= 0.0.2)
      rake
    simplecov (0.8.2)
      docile (~> 1.1.0)
      multi_json
      simplecov-html (~> 0.8.0)
    simplecov-html (0.8.0)
    sinatra (1.4.4)
      rack (~> 1.4)
      rack-protection (~> 1.4)
      tilt (~> 1.3, >= 1.3.4)
    sinatra-activerecord (1.2.4)
      activerecord (>= 3.0)
      sinatra (~> 1.0)
    sinatra-contrib (1.4.2)
      backports (>= 2.0)
      multi_json
      rack-protection
      rack-test
      sinatra (~> 1.4.0)
      tilt (~> 1.3)
    sqlite3 (1.3.8)
    term-ansicolor (1.2.2)
      tins (~> 0.8)
    thin (1.6.1)
      daemons (>= 1.0.9)
      eventmachine (>= 1.0.0)
      rack (>= 1.0.0)
    thor (0.18.1)
    thread_safe (0.1.3)
      atomic
    tilt (1.4.1)
    timecop (0.7.1)
    tins (0.13.1)
    tzinfo (0.3.38)
    yard (0.8.7.3)

PLATFORMS
  ruby

DEPENDENCIES
  activerecord (~> 4.0)
  bundler (~> 1.5)
  bunny (~> 0.0, >= 0.10.8)
  coveralls
  cucumber
  cucumber-helpers
  cucumber-rest
  geoip (~> 1.3)
  httparty
  ipaddress (~> 0.8)
  java_properties (~> 0.0, >= 0.0.4)
  multi_json (~> 1.7)
  mysql2 (~> 0.3, >= 0.3.13)
  nokogiri (~> 1.6)
  rack-blinkbox-zuul-tokens (>= 0.0.2)
  rack-jsonlogger (>= 0.1.0)
  rack-test
  rack-timekeeper (>= 0.2.0)
  rake
  rspec
  ruby-prof
  sandal (~> 0.5, >= 0.5.1)
  scrypt (~> 1.2)
  simplecov
  sinatra (~> 1.2)
  sinatra-activerecord (~> 1.2)
  sinatra-contrib (~> 1.4)
  sqlite3
  thin
  timecop
  yard
