GEM
  remote: http://artifactory.blinkbox.local/artifactory/api/gems/bbb-gems/
  remote: http://artifactory.blinkbox.local/artifactory/api/gems/rubygems/
  specs:
    activemodel (4.1.4)
      activesupport (= 4.1.4)
      builder (~> 3.1)
    activerecord (4.1.4)
      activemodel (= 4.1.4)
      activesupport (= 4.1.4)
      arel (~> 5.0.0)
    activesupport (4.1.4)
      i18n (~> 0.6, >= 0.6.9)
      json (~> 1.7, >= 1.7.7)
      minitest (~> 5.1)
      thread_safe (~> 0.1)
      tzinfo (~> 1.1)
    amq-protocol (1.9.2)
    arel (5.0.1.20140414130214)
    backports (3.6.0)
    builder (3.2.2)
    bunny (0.10.8)
      amq-protocol (>= 1.6.0)
    coveralls (0.7.0)
      multi_json (~> 1.3)
      rest-client
      simplecov (>= 0.7)
      term-ansicolor
      thor
    cucumber (1.3.16)
      builder (>= 2.1.2)
      diff-lcs (>= 1.1.3)
      gherkin (~> 2.12)
      multi_json (>= 1.7.5, < 2.0)
      multi_test (>= 0.1.1)
    cucumber-blinkbox (0.3.0)
      activesupport (>= 4.0)
      cucumber (~> 1.3)
      http_capture
      httpclient
    cucumber-helpers (0.0.6)
      activesupport (~> 4.0)
    cucumber-rest (0.0.9)
      activesupport (>= 3.2)
      cucumber (~> 1.3)
      http_capture (~> 0.0, >= 0.0.4)
      multi_json (~> 1.7)
      rack (~> 1.5)
      rspec (~> 2.13)
    daemons (1.1.9)
    diff-lcs (1.2.5)
    docile (1.1.5)
    eventmachine (1.0.3)
    ffi (1.9.3)
    ffi-compiler (0.1.3)
      ffi (>= 1.0.0)
      rake
    geoip (1.4.0)
    gherkin (2.12.2)
      multi_json (~> 1.3)
    http_capture (0.2.0)
    httparty (0.13.1)
      json (~> 1.8)
      multi_xml (>= 0.5.2)
    httpclient (2.4.0)
    i18n (0.6.11)
    ipaddress (0.8.0)
    java_properties (0.0.4)
    json (1.8.1)
    mime-types (2.3)
    mini_portile (0.6.0)
    minitest (5.4.0)
    multi_json (1.10.1)
    multi_test (0.1.1)
    multi_xml (0.5.5)
    mysql2 (0.3.16)
    netrc (0.7.7)
    newrelic_rpm (3.9.0.229)
    nokogiri (1.6.3.1)
      mini_portile (= 0.6.0)
    rack (1.5.2)
    rack-blinkbox-zuul-tokens (0.1.0)
      rack
      sandal (~> 0.5, >= 0.5.1)
    rack-jsonlogger (0.2.0)
      multi_json (~> 1.8)
      rack (~> 1.5)
    rack-protection (1.5.3)
      rack
    rack-test (0.6.2)
      rack (>= 1.0)
    rack-timekeeper (0.3.0)
      multi_json (~> 1.8)
      rack (~> 1.5)
      rack-jsonlogger (~> 0.1)
    rake (10.3.2)
    rest-client (1.7.2)
      mime-types (>= 1.16, < 3.0)
      netrc (~> 0.7)
    rspec (2.99.0)
      rspec-core (~> 2.99.0)
      rspec-expectations (~> 2.99.0)
      rspec-mocks (~> 2.99.0)
    rspec-core (2.99.1)
    rspec-expectations (2.99.2)
      diff-lcs (>= 1.1.3, < 2.0)
    rspec-mocks (2.99.2)
    ruby-prof (0.15.1)
    sandal (0.6.0)
    scrypt (1.2.1)
      ffi-compiler (>= 0.0.2)
      rake
    simplecov (0.9.0)
      docile (~> 1.1.0)
      multi_json
      simplecov-html (~> 0.8.0)
    simplecov-html (0.8.0)
    sinatra (1.4.5)
      rack (~> 1.4)
      rack-protection (~> 1.4)
      tilt (~> 1.3, >= 1.3.4)
    sinatra-activerecord (2.0.2)
      activerecord (>= 3.2)
      sinatra (~> 1.0)
    sinatra-contrib (1.4.2)
      backports (>= 2.0)
      multi_json
      rack-protection
      rack-test
      sinatra (~> 1.4.0)
      tilt (~> 1.3)
    term-ansicolor (1.3.0)
      tins (~> 1.0)
    thin (1.6.2)
      daemons (>= 1.0.9)
      eventmachine (>= 1.0.0)
      rack (>= 1.0.0)
    thor (0.19.1)
    thread_safe (0.3.4)
    tilt (1.4.1)
    timecop (0.7.1)
    tins (1.3.0)
    tzinfo (1.2.1)
      thread_safe (~> 0.1)
    yard (0.8.7.4)

PLATFORMS
  ruby

DEPENDENCIES
  activerecord (~> 4.0)
  bundler
  bunny (~> 0.0, >= 0.10.8)
  coveralls
  cucumber
  cucumber-blinkbox
  cucumber-helpers
  cucumber-rest
  geoip (~> 1.3)
  httparty
  ipaddress (~> 0.8)
  java_properties (~> 0.0, >= 0.0.4)
  mysql2 (~> 0.3, >= 0.3.13)
  newrelic_rpm (~> 3.9)
  nokogiri (~> 1.6)
  rack-blinkbox-zuul-tokens (>= 0.0.2)
  rack-jsonlogger (>= 0.1.0)
  rack-test
  rack-timekeeper (>= 0.2.0)
  rake
  rspec (~> 2.99)
  ruby-prof
  sandal (~> 0.6)
  scrypt (~> 1.2)
  simplecov
  sinatra (~> 1.2)
  sinatra-activerecord (~> 2.0)
  sinatra-contrib (~> 1.4)
  thin
  timecop
  yard
